GIT
  remote: https://github.com/NYULibraries/formaggio.git
  revision: 0cfcc78204097c44547d233a25162816d46344fd
  tag: v1.7.1
  specs:
    formaggio (1.7.1)
      cap_git_tools (~> 0.9)
      capistrano (~> 2.15)
      figs (~> 2.0)
      git (~> 1.2)
      mail (~> 2.5)
      newrelic_rpm (~> 3.6)
      rake (~> 10.1)
      require_all (~> 1.3)
      rvm-capistrano (~> 1.5)

GEM
  remote: https://rubygems.org/
  specs:
    cap_git_tools (0.9.1)
      capistrano (~> 2.0)
    capistrano (2.15.9)
      highline
      net-scp (>= 1.0.0)
      net-sftp (>= 2.0.0)
      net-ssh (>= 2.0.14)
      net-ssh-gateway (>= 1.1.0)
    coderay (1.1.0)
    figs (2.0.4)
      git (~> 1.2.6)
      rake (~> 10.1)
    git (1.2.9.1)
    highline (1.7.8)
    mail (2.6.4)
      mime-types (>= 1.16, < 4)
    method_source (0.8.2)
    mime-types (3.1)
      mime-types-data (~> 3.2015)
    mime-types-data (3.2016.0521)
    net-scp (1.2.1)
      net-ssh (>= 2.6.5)
    net-sftp (2.1.2)
      net-ssh (>= 2.6.5)
    net-ssh (4.0.1)
    net-ssh-gateway (2.0.0)
      net-ssh (>= 4.0.0)
    newrelic_rpm (3.18.1.330)
    pry (0.10.3)
      coderay (~> 1.1.0)
      method_source (~> 0.8.1)
      slop (~> 3.4)
    railsless-deploy (1.1.3)
    rake (10.5.0)
    require_all (1.4.0)
    rvm-capistrano (1.5.6)
      capistrano (~> 2.15.4)
    slop (3.6.0)
    thor (0.18.1)

PLATFORMS
  ruby

DEPENDENCIES
  formaggio!
  pry
  railsless-deploy (~> 1.1.3)
  thor

BUNDLED WITH
   1.14.4
